GEM
  remote: https://rubygems.org/
  specs:
    logvisible (0.0.1)

PLATFORMS
  ruby

DEPENDENCIES
  logvisible

BUNDLED WITH
   1.10.6
